GEM
  remote: https://rubygems.org/
  specs:
    ast (2.3.0)
    deka_eiwakun (0.4.0)
      rubocop (~> 0.40.0)
    eventmachine (1.0.9)
    ffi (1.9.10)
    parser (2.3.1.2)
      ast (~> 2.2)
    pi_piper (2.0.0)
      eventmachine (= 1.0.9)
      ffi
    powerpack (0.1.1)
    rainbow (2.1.0)
    rubocop (0.40.0)
      parser (>= 2.3.1.0, < 3.0)
      powerpack (~> 0.1)
      rainbow (>= 1.99.1, < 3.0)
      ruby-progressbar (~> 1.7)
      unicode-display_width (~> 1.0, >= 1.0.1)
    ruby-progressbar (1.8.1)
    unicode-display_width (1.1.0)

PLATFORMS
  ruby

DEPENDENCIES
  deka_eiwakun
  pi_piper

BUNDLED WITH
   1.12.5
